PATH
  remote: .
  specs:
    remotepair (0.0.2)
      net-ssh
      net-ssh-gateway

GEM
  remote: https://rubygems.org/
  specs:
    bourne (1.3.0)
      mocha (= 0.13.0)
    diff-lcs (1.1.3)
    metaclass (0.0.1)
    mocha (0.13.0)
      metaclass (~> 0.0.1)
    net-ssh (2.6.5)
    net-ssh-gateway (1.2.0)
      net-ssh (>= 2.6.5)
    rspec (2.12.0)
      rspec-core (~> 2.12.0)
      rspec-expectations (~> 2.12.0)
      rspec-mocks (~> 2.12.0)
    rspec-core (2.12.2)
    rspec-expectations (2.12.1)
      diff-lcs (~> 1.1.3)
    rspec-mocks (2.12.2)

PLATFORMS
  ruby

DEPENDENCIES
  bourne
  remotepair!
  rspec
