PATH
  remote: .
  specs:
    remotepair (0.0.1)
      net-ssh
      net-ssh-gateway

GEM
  remote: https://rubygems.org/
  specs:
    net-ssh (2.6.5)
    net-ssh-gateway (1.2.0)
      net-ssh (>= 2.6.5)

PLATFORMS
  ruby

DEPENDENCIES
  remotepair!
